GEM
  remote: http://rubygems.org/
  specs:
    domain_name (0.6.20240107)
    http-cookie (1.0.5)
      domain_name (~> 0.5)
    json (1.7.7)
    mime-types (2.99.3)
    netrc (0.11.0)
    rest-client (1.8.0)
      http-cookie (>= 1.0.2, < 2.0)
      mime-types (>= 1.16, < 3.0)
      netrc (~> 0.7)
    rgeo (0.3.20)

PLATFORMS
  ruby

DEPENDENCIES
  json (~> 1.7.6)
  rest-client
  rgeo (= 0.3.20)
